PATH
  remote: .
  specs:
    atproto_client (0.1.4)
      jwt (~> 2.7)
      openssl (~> 3.0)

GEM
  remote: https://rubygems.org/
  specs:
    addressable (2.8.7)
      public_suffix (>= 2.0.2, < 7.0)
    ast (2.4.2)
    base64 (0.2.0)
    bigdecimal (3.1.8)
    crack (1.0.0)
      bigdecimal
      rexml
    diff-lcs (1.5.1)
    hashdiff (1.1.2)
    json (2.8.2)
    jwt (2.9.3)
      base64
    language_server-protocol (3.17.0.3)
    openssl (3.2.0)
    parallel (1.26.3)
    parser (3.3.6.0)
      ast (~> 2.4.1)
      racc
    public_suffix (6.0.1)
    racc (1.8.1)
    rainbow (3.1.1)
    rake (13.2.1)
    regexp_parser (2.9.2)
    rexml (3.3.9)
    rspec (3.13.0)
      rspec-core (~> 3.13.0)
      rspec-expectations (~> 3.13.0)
      rspec-mocks (~> 3.13.0)
    rspec-core (3.13.2)
      rspec-support (~> 3.13.0)
    rspec-expectations (3.13.3)
      diff-lcs (>= 1.2.0, < 2.0)
      rspec-support (~> 3.13.0)
    rspec-mocks (3.13.2)
      diff-lcs (>= 1.2.0, < 2.0)
      rspec-support (~> 3.13.0)
    rspec-support (3.13.1)
    rubocop (1.68.0)
      json (~> 2.3)
      language_server-protocol (>= 3.17.0)
      parallel (~> 1.10)
      parser (>= 3.3.0.2)
      rainbow (>= 2.2.2, < 4.0)
      regexp_parser (>= 2.4, < 3.0)
      rubocop-ast (>= 1.32.2, < 2.0)
      ruby-progressbar (~> 1.7)
      unicode-display_width (>= 2.4.0, < 3.0)
    rubocop-ast (1.36.1)
      parser (>= 3.3.1.0)
    ruby-progressbar (1.13.0)
    unicode-display_width (2.6.0)
    vcr (6.3.1)
      base64
    webmock (3.24.0)
      addressable (>= 2.8.0)
      crack (>= 0.3.2)
      hashdiff (>= 0.4.0, < 2.0.0)
    yard (0.9.37)

PLATFORMS
  ruby
  x86_64-linux

DEPENDENCIES
  atproto_client!
  bundler (~> 2.0)
  rake (~> 13.0)
  rspec (~> 3.12)
  rubocop (~> 1.50)
  vcr (~> 6.1)
  webmock (~> 3.18)
  yard (~> 0.9)

BUNDLED WITH
   2.5.18
